PATH
  remote: .
  specs:
    huginn_plex_agent (0.1)
      huginn_agent

GEM
  remote: https://rubygems.org/
  specs:
    huginn_agent (0.6.1)
      thor
    mini_portile2 (2.3.0)
    nokogiri (1.8.2)
      mini_portile2 (~> 2.3.0)
    plex-ruby (1.5.3)
      nokogiri
    rake (10.5.0)
    thor (0.20.0)

PLATFORMS
  ruby

DEPENDENCIES
  bundler (~> 1.7)
  huginn_agent (~> 0.6.1)
  huginn_plex_agent!
  plex-ruby (= 1.5.3)
  rake (~> 10.0)

BUNDLED WITH
   1.16.1
